STORAGE: NONE
RESTRICTION: == net6.0
NUGET
  remote: https://api.nuget.org/v3/index.json
    Aardvark.Base (5.2.28)
      Aardvark.Base.Telemetry (5.2.28)
      System.Collections.Immutable (>= 5.0)
      System.Text.Json (>= 4.7.2)
    Aardvark.Base.FSharp (5.2.28)
      Aardvark.Base (5.2.28)
      Aardvark.Base.TypeProviders (>= 4.5.15 < 4.6)
      FSharp.Core (>= 5.0)
      FSharp.Data.Adaptive (>= 1.2 < 1.3)
      FsPickler (>= 5.3.2 < 5.4)
      System.Dynamic.Runtime (>= 4.3 < 4.4)
    Aardvark.Base.IO (5.2.28)
      Aardvark.Base (5.2.28)
      Aardvark.Base.Tensors (5.2.28)
      System.Dynamic.Runtime (>= 4.3 < 4.4)
    Aardvark.Base.Telemetry (5.2.28)
    Aardvark.Base.Tensors (5.2.28)
      Aardvark.Base (5.2.28)
      Aardvark.Base.FSharp (5.2.28)
      FSharp.Core (>= 5.0)
      SixLabors.ImageSharp (>= 2.1.3 < 2.2)
    Aardvark.Base.TypeProviders (4.5.15)
      FSharp.Core (>= 4.2.3)
    Aardvark.Data.Durable (0.3.15)
    Aardvark.Data.Durable.Codec (0.3.15)
      Aardvark.Base (>= 5.2.25 < 5.3)
      Aardvark.Data.Durable (0.3.15)
    Aardvark.Data.E57 (5.2.28)
      Aardvark.Base (>= 5.2.28 < 5.3)
      Aardvark.Data.Points.Base (5.2.28)
      Crc32.NET (>= 1.2 < 1.3)
      FSharp.Core (>= 5.0.1)
      System.Collections.Immutable (>= 6.0 < 6.1)
    Aardvark.Data.Points.Ascii (5.2.28)
      Aardvark.Base (>= 5.2.28 < 5.3)
      Aardvark.Data.Durable (>= 0.3.14 < 0.4)
      Aardvark.Data.Points.Base (5.2.28)
      FSharp.Core (>= 5.0.1)
    Aardvark.Data.Points.Base (5.2.28)
      Aardvark.Data.Durable.Codec (>= 0.3.14 < 0.4)
      System.Collections.Immutable (>= 6.0 < 6.1)
      Uncodium.SimpleStore (>= 3.0.29 < 3.1)
    Aardvark.Data.Points.LasZip (5.2.28)
      Aardvark.Base (>= 5.2.28 < 5.3)
      Aardvark.Data.Points.Base (5.2.28)
      Unofficial.laszip.netstandard (5.2.28)
    Aardvark.Data.Points.Ply (5.2.28)
      Aardvark.Base (>= 5.2.28 < 5.3)
      Aardvark.Data.Points.Base (5.2.28)
      Ply.Net (5.2.28)
    Aardvark.Geometry (5.2.28)
      Aardvark.Base (5.2.28)
      Aardvark.Base.FSharp (5.2.28)
      Aardvark.Base.Tensors (5.2.28)
      Aardvark.Base.TypeProviders (>= 4.5.15 < 4.6)
      FSharp.Core (>= 5.0)
      FSharp.Data.Adaptive (>= 1.2 < 1.3)
      FsPickler (>= 5.3.2 < 5.4)
      Unofficial.LibTessDotNet (>= 2.0.2 < 2.1)
    Aardvark.Geometry.Normals (5.2.28)
      Aardvark.Geometry.PointTree (5.2.28)
      FSharp.Core (>= 5.0.1)
      Uncodium.Eigensystems (>= 1.1.2 < 1.2)
      Uncodium.SimpleStore (>= 3.0.29 < 3.1)
    Aardvark.Geometry.PointSet (5.2.28)
      Aardvark.Base (>= 5.2.28 < 5.3)
      Aardvark.Data.Durable.Codec (>= 0.3.14 < 0.4)
      Aardvark.Data.Points.Base (5.2.28)
      Aardvark.Geometry (>= 5.2.28 < 5.3)
      Aardvark.Geometry.Normals (5.2.28)
      Aardvark.Geometry.PointTree (5.2.28)
      System.Collections.Immutable (>= 6.0 < 6.1)
      Uncodium.Eigensystems (>= 1.1.2 < 1.2)
      Uncodium.SimpleStore (>= 3.0.29 < 3.1)
    Aardvark.Geometry.PointTree (5.2.28)
      Aardvark.Base.IO (>= 5.2.28 < 5.3)
    Crc32.NET (1.2)
      NETStandard.Library (>= 2.0)
    FSharp.Core (8.0.100)
    FSharp.Data.Adaptive (1.2.14)
      FSharp.Core (>= 4.7)
      System.Reflection.Emit.Lightweight (>= 4.6)
    FsPickler (5.3.2)
      FSharp.Core (>= 4.3.2)
      System.Reflection.Emit.Lightweight (>= 4.3)
    Microsoft.Bcl.AsyncInterfaces (6.0)
    Microsoft.NETCore.Platforms (5.0.2)
    Microsoft.NETCore.Targets (5.0)
    NETStandard.Library (2.0.3)
      Microsoft.NETCore.Platforms (>= 1.1)
    Ply.Net (5.2.28)
      System.Collections.Immutable (>= 6.0 < 6.1)
    SixLabors.ImageSharp (2.1.6)
      System.Runtime.CompilerServices.Unsafe (>= 5.0)
      System.Text.Encoding.CodePages (>= 5.0)
    System.Collections (4.3)
      Microsoft.NETCore.Platforms (>= 1.1)
      Microsoft.NETCore.Targets (>= 1.1)
      System.Runtime (>= 4.3)
    System.Collections.Immutable (6.0)
      System.Runtime.CompilerServices.Unsafe (>= 6.0)
    System.Diagnostics.Debug (4.3)
      Microsoft.NETCore.Platforms (>= 1.1)
      Microsoft.NETCore.Targets (>= 1.1)
      System.Runtime (>= 4.3)
    System.Dynamic.Runtime (4.3)
      System.Collections (>= 4.3)
      System.Diagnostics.Debug (>= 4.3)
      System.Linq (>= 4.3)
      System.Linq.Expressions (>= 4.3)
      System.ObjectModel (>= 4.3)
      System.Reflection (>= 4.3)
      System.Reflection.Emit (>= 4.3)
      System.Reflection.Emit.ILGeneration (>= 4.3)
      System.Reflection.Primitives (>= 4.3)
      System.Reflection.TypeExtensions (>= 4.3)
      System.Resources.ResourceManager (>= 4.3)
      System.Runtime (>= 4.3)
      System.Runtime.Extensions (>= 4.3)
      System.Threading (>= 4.3)
    System.Globalization (4.3)
      Microsoft.NETCore.Platforms (>= 1.1)
      Microsoft.NETCore.Targets (>= 1.1)
      System.Runtime (>= 4.3)
    System.IO (4.3)
      Microsoft.NETCore.Platforms (>= 1.1)
      Microsoft.NETCore.Targets (>= 1.1)
      System.Runtime (>= 4.3)
      System.Text.Encoding (>= 4.3)
      System.Threading.Tasks (>= 4.3)
    System.Linq (4.3)
      System.Collections (>= 4.3)
      System.Diagnostics.Debug (>= 4.3)
      System.Resources.ResourceManager (>= 4.3)
      System.Runtime (>= 4.3)
      System.Runtime.Extensions (>= 4.3)
    System.Linq.Expressions (4.3)
      System.Collections (>= 4.3)
      System.Diagnostics.Debug (>= 4.3)
      System.Globalization (>= 4.3)
      System.IO (>= 4.3)
      System.Linq (>= 4.3)
      System.ObjectModel (>= 4.3)
      System.Reflection (>= 4.3)
      System.Reflection.Emit (>= 4.3)
      System.Reflection.Emit.ILGeneration (>= 4.3)
      System.Reflection.Emit.Lightweight (>= 4.3)
      System.Reflection.Extensions (>= 4.3)
      System.Reflection.Primitives (>= 4.3)
      System.Reflection.TypeExtensions (>= 4.3)
      System.Resources.ResourceManager (>= 4.3)
      System.Runtime (>= 4.3)
      System.Runtime.Extensions (>= 4.3)
      System.Threading (>= 4.3)
    System.Memory (4.5.5)
    System.ObjectModel (4.3)
      System.Collections (>= 4.3)
      System.Diagnostics.Debug (>= 4.3)
      System.Resources.ResourceManager (>= 4.3)
      System.Runtime (>= 4.3)
      System.Threading (>= 4.3)
    System.Reflection (4.3)
      Microsoft.NETCore.Platforms (>= 1.1)
      Microsoft.NETCore.Targets (>= 1.1)
      System.IO (>= 4.3)
      System.Reflection.Primitives (>= 4.3)
      System.Runtime (>= 4.3)
    System.Reflection.Emit (4.7)
    System.Reflection.Emit.ILGeneration (4.7)
    System.Reflection.Emit.Lightweight (4.7)
    System.Reflection.Extensions (4.3)
      Microsoft.NETCore.Platforms (>= 1.1)
      Microsoft.NETCore.Targets (>= 1.1)
      System.Reflection (>= 4.3)
      System.Runtime (>= 4.3)
    System.Reflection.Primitives (4.3)
      Microsoft.NETCore.Platforms (>= 1.1)
      Microsoft.NETCore.Targets (>= 1.1)
      System.Runtime (>= 4.3)
    System.Reflection.TypeExtensions (4.7)
    System.Resources.ResourceManager (4.3)
      Microsoft.NETCore.Platforms (>= 1.1)
      Microsoft.NETCore.Targets (>= 1.1)
      System.Globalization (>= 4.3)
      System.Reflection (>= 4.3)
      System.Runtime (>= 4.3)
    System.Runtime (4.3.1)
      Microsoft.NETCore.Platforms (>= 1.1.1)
      Microsoft.NETCore.Targets (>= 1.1.3)
    System.Runtime.CompilerServices.Unsafe (6.0)
    System.Runtime.Extensions (4.3.1)
      Microsoft.NETCore.Platforms (>= 1.1.1)
      Microsoft.NETCore.Targets (>= 1.1.3)
      System.Runtime (>= 4.3.1)
    System.Text.Encoding (4.3)
      Microsoft.NETCore.Platforms (>= 1.1)
      Microsoft.NETCore.Targets (>= 1.1)
      System.Runtime (>= 4.3)
    System.Text.Encoding.CodePages (8.0)
      System.Runtime.CompilerServices.Unsafe (>= 6.0)
    System.Text.Json (5.0.2)
    System.Threading (4.3)
      System.Runtime (>= 4.3)
      System.Threading.Tasks (>= 4.3)
    System.Threading.Tasks (4.3)
      Microsoft.NETCore.Platforms (>= 1.1)
      Microsoft.NETCore.Targets (>= 1.1)
      System.Runtime (>= 4.3)
    Uncodium.Eigensystems (1.1.2)
      Aardvark.Base (>= 5.1 < 6.0)
    Uncodium.SimpleStore (3.0.29)
      Microsoft.Bcl.AsyncInterfaces (>= 6.0 < 7.0)
      System.Memory (>= 4.5 < 5.0)
    Unofficial.laszip.netstandard (5.2.28)
    Unofficial.LibTessDotNet (2.0.2)
